PATH
  remote: .
  specs:
    hundraartonhundra (0.1.0)
      nori (~> 1.0)

GEM
  remote: https://rubygems.org/
  specs:
    nori (1.1.5)

PLATFORMS
  ruby

DEPENDENCIES
  hundraartonhundra!
